GEM
  remote: https://rubygems.org/
  specs:
    diff-lcs (1.2.5)
    ipaddress (0.8.0)
    rspec (3.2.0)
      rspec-core (~> 3.2.0)
      rspec-expectations (~> 3.2.0)
      rspec-mocks (~> 3.2.0)
    rspec-core (3.2.3)
      rspec-support (~> 3.2.0)
    rspec-expectations (3.2.1)
      diff-lcs (>= 1.2.0, < 2.0)
      rspec-support (~> 3.2.0)
    rspec-mocks (3.2.1)
      diff-lcs (>= 1.2.0, < 2.0)
      rspec-support (~> 3.2.0)
    rspec-support (3.2.2)

PLATFORMS
  ruby

DEPENDENCIES
  ipaddress (= 0.8.0)
  rspec (= 3.2.0)

BUNDLED WITH
   1.10.2
